GEM
  remote: http://rubygems.org/
  specs:
    diff-lcs (1.2.5)
    git (1.2.5)
    jeweler (1.8.3)
      bundler (~> 1.0)
      git (>= 1.2.5)
      rake
      rdoc
    json (1.6.6)
    rake (0.9.2.2)
    rdoc (3.12)
      json (~> 1.4)
    rr (1.0.4)
    rspec (3.0.0)
      rspec-core (~> 3.0.0)
      rspec-expectations (~> 3.0.0)
      rspec-mocks (~> 3.0.0)
    rspec-core (3.0.4)
      rspec-support (~> 3.0.0)
    rspec-expectations (3.0.4)
      diff-lcs (>= 1.2.0, < 2.0)
      rspec-support (~> 3.0.0)
    rspec-mocks (3.0.4)
      rspec-support (~> 3.0.0)
    rspec-support (3.0.4)

PLATFORMS
  ruby

DEPENDENCIES
  bundler (~> 1.7.0)
  jeweler (~> 1.8.0)
  rr (~> 1.0.4)
  rspec (~> 3.0.0)
